GEM
  remote: https://rubygems.org/
  specs:
    aws-sdk (2.0.48)
      aws-sdk-resources (= 2.0.48)
    aws-sdk-core (2.0.48)
      builder (~> 3.0)
      jmespath (~> 1.0)
      multi_json (~> 1.0)
    aws-sdk-resources (2.0.48)
      aws-sdk-core (= 2.0.48)
    bond (0.5.1)
    builder (3.2.3)
    data_uri (0.1.0)
    iruby (0.2.9)
      bond (~> 0.5)
      data_uri (~> 0.1)
      mimemagic (~> 0.3)
      multi_json (~> 1.11)
    jmespath (1.3.1)
    mimemagic (0.3.2)
    multi_json (1.12.1)
    rbczmq (1.7.9)

PLATFORMS
  ruby

DEPENDENCIES
  aws-sdk (~> 2.0.22)
  iruby
  rbczmq

BUNDLED WITH
   1.14.4
